GEM
  remote: https://rubygems.org/
  specs:
    RedCloth (4.2.9)
    activesupport (3.2.12)
      i18n (~> 0.6)
      multi_json (~> 1.0)
    addressable (2.3.3)
    builder (3.2.0)
    cucumber (1.2.3)
      builder (>= 2.1.2)
      diff-lcs (>= 1.1.3)
      gherkin (~> 2.11.6)
      multi_json (~> 1.3)
    diff-lcs (1.2.1)
    domainatrix (0.0.11)
      addressable
    eventmachine (1.0.3)
    gherkin (2.11.6)
      json (>= 1.7.6)
    hoe (3.5.1)
      rake (>= 0.8, < 11.0)
    i18n (0.6.4)
    json (1.7.7)
    metaclass (0.0.1)
    mocha (0.13.3)
      metaclass (~> 0.0.1)
    multi_json (1.7.0)
    newgem (1.5.2)
      RedCloth (>= 4.1.1)
      activesupport (>= 2.0.2)
      cucumber (>= 0.3.11)
      hoe (>= 2.3.1)
      hoe (>= 2.3.1)
      rubigen (>= 1.5.2)
      syntax (>= 1.0.0)
    rake (10.0.3)
    rubigen (1.5.7)
      activesupport (>= 2.3.5)
      i18n
    squiggle (0.0.10)
      activesupport (>= 2.1.0)
      domainatrix
    svutil (0.9.12)
    syntax (1.0.0)
    timecop (0.6.1)

PLATFORMS
  ruby

DEPENDENCIES
  activesupport
  eventmachine
  hoe
  mocha
  newgem
  squiggle
  svutil
  timecop
